PATH
  remote: .
  specs:
    git-status-all (1.1.4)
      colorize
      git (~> 1.3)
      optimist (~> 3.0)

GEM
  remote: https://rubygems.org/
  specs:
    colorize (0.8.1)
    git (1.5.0)
    optimist (3.0.0)
    rake (10.5.0)

PLATFORMS
  ruby
  x64-mingw32

DEPENDENCIES
  bundler (~> 2.0)
  git-status-all!
  rake (~> 10.0)

BUNDLED WITH
   2.0.1
